PATH
  remote: .
  specs:
    civic_duty (0.1.0)
      activerecord
      libraries_io (~> 0.9)
      parser
      require_relative_dir
      rugged
      sqlite3
      thor
      with_progress

GEM
  remote: https://rubygems.org/
  specs:
    activemodel (5.2.1)
      activesupport (= 5.2.1)
    activerecord (5.2.1)
      activemodel (= 5.2.1)
      activesupport (= 5.2.1)
      arel (>= 9.0)
    activesupport (5.2.1)
      concurrent-ruby (~> 1.0, >= 1.0.2)
      i18n (>= 0.7, < 2)
      minitest (~> 5.1)
      tzinfo (~> 1.1)
    addressable (2.5.2)
      public_suffix (>= 2.0.2, < 4.0)
    arel (9.0.0)
    ast (2.4.0)
    byebug (10.0.2)
    coderay (1.1.2)
    concurrent-ruby (1.1.3)
    crack (0.4.3)
      safe_yaml (~> 1.0.0)
    diff-lcs (1.3)
    faraday (0.15.3)
      multipart-post (>= 1.2, < 3)
    faraday_middleware (0.12.2)
      faraday (>= 0.7.4, < 1.0)
    i18n (1.1.1)
      concurrent-ruby (~> 1.0)
    libraries_io (0.9.0)
      tlaw
    method_source (0.9.1)
    minitest (5.11.3)
    multipart-post (2.0.0)
    parser (2.5.3.0)
      ast (~> 2.4.0)
    pry (0.12.0)
      coderay (~> 1.1.0)
      method_source (~> 0.9.0)
    pry-byebug (3.6.0)
      byebug (~> 10.0)
      pry (~> 0.10)
    public_suffix (3.0.3)
    rake (10.5.0)
    require_relative_dir (0.9.9)
    rspec (3.8.0)
      rspec-core (~> 3.8.0)
      rspec-expectations (~> 3.8.0)
      rspec-mocks (~> 3.8.0)
    rspec-core (3.8.0)
      rspec-support (~> 3.8.0)
    rspec-expectations (3.8.1)
      diff-lcs (>= 1.2.0, < 2.0)
      rspec-support (~> 3.8.0)
    rspec-its (1.2.0)
      rspec-core (>= 3.0.0)
      rspec-expectations (>= 3.0.0)
    rspec-mocks (3.8.0)
      diff-lcs (>= 1.2.0, < 2.0)
      rspec-support (~> 3.8.0)
    rspec-support (3.8.0)
    ruby-progressbar (1.10.0)
    rugged (0.27.5)
    safe_yaml (1.0.4)
    sqlite3 (1.3.13)
    thor (0.20.3)
    thread_safe (0.3.6)
    tlaw (0.0.2)
      addressable
      crack
      faraday
      faraday_middleware
    tzinfo (1.2.5)
      thread_safe (~> 0.1)
    vcr (3.0.3)
    with_progress (1.0.1)
      ruby-progressbar (~> 1.4)

PLATFORMS
  ruby

DEPENDENCIES
  bundler (~> 1.16)
  civic_duty!
  pry-byebug
  rake (~> 10.0)
  rspec (~> 3.0)
  rspec-its
  vcr (~> 3.0)

BUNDLED WITH
   1.16.4
